GEM
  remote: https://rubygems.org/
  specs:
    faraday (2.11.0)
      faraday-net_http (>= 2.0, < 3.4)
      logger
    faraday-net_http (3.3.0)
      net-http
    logger (1.6.0)
    net-http (0.4.1)
      uri
    uri (0.13.1)

PLATFORMS
  arm64-darwin-22
  x86_64-darwin-22
  x86_64-linux

DEPENDENCIES
  faraday
  faraday-net_http

BUNDLED WITH
   2.4.13
