GEM
  remote: https://rubygems.org/
  specs:
    faraday (2.10.1)
      faraday-net_http (>= 2.0, < 3.2)
      logger
    faraday-net_http (3.0.2)
    logger (1.6.0)

PLATFORMS
  arm64-darwin-22
  x86_64-darwin-22
  x86_64-linux

DEPENDENCIES
  faraday
  faraday-net_http

BUNDLED WITH
   2.4.13
